GEM
  remote: https://rubygems.org/
  specs:
    dino (0.11.2)
      serialport
    httparty (0.15.5)
      multi_xml (>= 0.5.2)
    json (2.1.0)
    multi_xml (0.6.0)
    serialport (1.3.1)

PLATFORMS
  ruby

DEPENDENCIES
  dino
  httparty
  json

BUNDLED WITH
   1.13.7
